GEM
  remote: http://rubygems.org/
  specs:
    diff-lcs (1.1.2)
    grit (2.3.0)
      diff-lcs (~> 1.1)
      mime-types (~> 1.15)
    kramdown (0.11.0)
    mime-types (1.16)
    rack (1.2.1)
    sinatra (1.0)
      rack (>= 1.0)

PLATFORMS
  ruby

DEPENDENCIES
  grit
  kramdown
  sinatra
